NUGET
  remote: https://nuget.org/api/v2
  specs:
    FAKE (4.10.3)
    FSharp.Compiler.Service (1.4.2.1)
    FSharp.Data (2.2.5)
      Zlib.Portable (>= 1.10.0) - framework: portable-net40+sl50+wp80+win80
    FSharp.Formatting (2.10.0)
      FSharp.Compiler.Service (>= 0.0.87)
      FSharpVSPowerTools.Core (1.8.0)
    FSharpVSPowerTools.Core (1.8.0)
      FSharp.Compiler.Service (>= 0.0.87)
    NuGet.CommandLine (3.3.0)
    NUnit (3.0.1)
    NUnit.Console (3.0.1)
    NUnit.Runners (3.0.1)
      NUnit.Console (3.0.1)
    Zlib.Portable (1.11.0) - framework: portable-net40+sl50+wp80+win80
